GIT
  remote: git://github.com/jonathansnd/omniauth-salesforce.git
  revision: 32ba8244f89ff8c7a8709c34a00ac34b3a8b09d4
  specs:
    omniauth-salesforce (1.0.3)
      omniauth (~> 1.0)
      omniauth-oauth2 (~> 1.0)

GIT
  remote: git://github.com/lcampos/databasedotcom.git
  revision: ab553d3c1e7cb3e85b32d203d9989c0cc5e5194b
  specs:
    databasedotcom (1.2.7)
      json
      multipart-post (~> 1.1)

GEM
  remote: http://rubygems.org/
  specs:
    actionmailer (3.1.0)
      actionpack (= 3.1.0)
      mail (~> 2.3.0)
    actionpack (3.1.0)
      activemodel (= 3.1.0)
      activesupport (= 3.1.0)
      builder (~> 3.0.0)
      erubis (~> 2.7.0)
      i18n (~> 0.6)
      rack (~> 1.3.2)
      rack-cache (~> 1.0.3)
      rack-mount (~> 0.8.2)
      rack-test (~> 0.6.1)
      sprockets (~> 2.0.0)
    activemodel (3.1.0)
      activesupport (= 3.1.0)
      bcrypt-ruby (~> 3.0.0)
      builder (~> 3.0.0)
      i18n (~> 0.6)
    activerecord (3.1.0)
      activemodel (= 3.1.0)
      activesupport (= 3.1.0)
      arel (~> 2.2.1)
      tzinfo (~> 0.3.29)
    activeresource (3.1.0)
      activemodel (= 3.1.0)
      activesupport (= 3.1.0)
    activesupport (3.1.0)
      multi_json (~> 1.0)
    addressable (2.2.6)
    akami (1.0.0)
      gyoku (>= 0.4.0)
    annotate (2.4.0)
    apotomo (1.2.1)
      cells (>= 3.6.7)
      hooks (~> 0.2.0)
      onfire (~> 0.2.0)
    arel (2.2.1)
    bcrypt-ruby (3.0.1)
    builder (3.0.0)
    cells (3.6.7)
      actionpack (~> 3.0)
      railties (~> 3.0)
    diff-lcs (1.1.3)
    erubis (2.7.0)
    factory_girl (1.3.3)
    factory_girl_rails (1.0)
      factory_girl (~> 1.3)
      rails (>= 3.0.0.beta4)
    faker (0.3.1)
    faraday (0.7.5)
      addressable (~> 2.2.6)
      multipart-post (~> 1.1.3)
      rack (>= 1.1.0, < 2)
    gravatar_image_tag (1.0.0.pre2)
    gyoku (0.4.4)
      builder (>= 2.1.2)
    hashie (1.2.0)
    hike (1.2.1)
    hooks (0.2.0)
    httparty (0.8.0)
      multi_json
      multi_xml
    httpi (0.9.5)
      rack
    i18n (0.6.0)
    jquery-rails (1.0.18)
      railties (~> 3.0)
      thor (~> 0.14)
    json (1.6.4)
    kaminari (0.12.4)
      rails (>= 3.0.0)
    mail (2.3.0)
      i18n (>= 0.4.0)
      mime-types (~> 1.16)
      treetop (~> 1.4.8)
    mime-types (1.17.2)
    multi_json (1.0.3)
    multi_xml (0.4.1)
    multipart-post (1.1.4)
    nokogiri (1.5.0)
    nori (1.0.2)
    oauth2 (0.5.1)
      faraday (~> 0.7.4)
      multi_json (~> 1.0.3)
    omniauth (1.0.1)
      hashie (~> 1.2)
      rack
    omniauth-oauth2 (1.0.0)
      oauth2 (~> 0.5.0)
      omniauth (~> 1.0)
    onfire (0.2.0)
    pg (0.12.0)
      rake-compiler (~> 0.7)
    polyglot (0.3.2)
    rack (1.3.5)
    rack-cache (1.0.3)
      rack (>= 0.4)
    rack-mount (0.8.3)
      rack (>= 1.0.0)
    rack-ssl (1.3.2)
      rack
    rack-test (0.6.1)
      rack (>= 1.0)
    rails (3.1.0)
      actionmailer (= 3.1.0)
      actionpack (= 3.1.0)
      activerecord (= 3.1.0)
      activeresource (= 3.1.0)
      activesupport (= 3.1.0)
      bundler (~> 1.0)
      railties (= 3.1.0)
    railties (3.1.0)
      actionpack (= 3.1.0)
      activesupport (= 3.1.0)
      rack-ssl (~> 1.3.2)
      rake (>= 0.8.7)
      rdoc (~> 3.4)
      thor (~> 0.14.6)
    rake (0.9.2)
    rake-compiler (0.7.9)
      rake
    rdoc (3.9.4)
    rspec (2.6.0)
      rspec-core (~> 2.6.0)
      rspec-expectations (~> 2.6.0)
      rspec-mocks (~> 2.6.0)
    rspec-core (2.6.4)
    rspec-expectations (2.6.0)
      diff-lcs (~> 1.1.2)
    rspec-mocks (2.6.0)
    rspec-rails (2.6.1)
      actionpack (~> 3.0)
      activesupport (~> 3.0)
      railties (~> 3.0)
      rspec (~> 2.6.0)
    savon (0.9.7)
      akami (~> 1.0)
      builder (>= 2.1.2)
      gyoku (>= 0.4.0)
      httpi (~> 0.9)
      nokogiri (>= 1.4.0)
      nori (~> 1.0)
      wasabi (~> 2.0)
    sprockets (2.0.0)
      hike (~> 1.2)
      rack (~> 1.0)
      tilt (~> 1.1, != 1.3.0)
    sqlite3 (1.3.4)
    thor (0.14.6)
    tilt (1.3.3)
    treetop (1.4.10)
      polyglot
      polyglot (>= 0.3.1)
    tzinfo (0.3.29)
    wasabi (2.0.0)
      nokogiri (>= 1.4.0)
    webrat (0.7.1)
      nokogiri (>= 1.2.0)
      rack (>= 1.0)
      rack-test (>= 0.5.3)

PLATFORMS
  ruby

DEPENDENCIES
  annotate (= 2.4.0)
  apotomo (= 1.2.1)
  cells (~> 3.6.7)
  databasedotcom!
  factory_girl_rails (= 1.0)
  faker (= 0.3.1)
  gravatar_image_tag (= 1.0.0.pre2)
  httparty
  jquery-rails (>= 1.0.12)
  kaminari
  omniauth
  omniauth-salesforce!
  pg
  rack (= 1.3.5)
  rails (= 3.1.0)
  rspec
  rspec-rails
  savon
  sqlite3
  webrat (= 0.7.1)
